GEM
  remote: https://rubygems.org/
  specs:
    geckoboard-ruby (0.4.0)

PLATFORMS
  ruby

DEPENDENCIES
  geckoboard-ruby

BUNDLED WITH
   2.1.4
